GEM
  remote: https://rubygems.org/
  specs:
    colorize (0.8.1)
    egd (1.0.2)
      pgn (~> 0.2.0)
    json (2.5.1)
    pgn (0.2.0)
      whittle
    whittle (0.0.8)

PLATFORMS
  x86_64-darwin-20

DEPENDENCIES
  colorize (~> 0.8.1)
  egd (~> 1.0)
  json (~> 2.5)

BUNDLED WITH
   2.2.17
